GEM
  remote: https://rubygems.org/
  specs:
    httparty (0.17.1)
      mime-types (~> 3.0)
      multi_xml (>= 0.5.2)
    mime-types (3.3)
      mime-types-data (~> 3.2015)
    mime-types-data (3.2019.1009)
    multi_xml (0.6.0)
    oauth (0.5.4)
    pg (1.1.4)

PLATFORMS
  ruby

DEPENDENCIES
  httparty
  oauth
  pg

RUBY VERSION
   ruby 2.6.3p62

BUNDLED WITH
   1.17.3
